PATH
  remote: .
  specs:
    git_ocd (0.1.1)
      listen (~> 2.4.1)
      methadone (~> 1.3.1)

GEM
  remote: https://rubygems.org/
  specs:
    aruba (0.5.4)
      childprocess (>= 0.3.6)
      cucumber (>= 1.1.1)
      rspec-expectations (>= 2.7.0)
    builder (3.2.2)
    celluloid (0.15.2)
      timers (~> 1.1.0)
    childprocess (0.4.0)
      ffi (~> 1.0, >= 1.0.11)
    coderay (1.1.0)
    cucumber (1.3.10)
      builder (>= 2.1.2)
      diff-lcs (>= 1.1.3)
      gherkin (~> 2.12)
      multi_json (>= 1.7.5, < 2.0)
      multi_test (>= 0.0.2)
    diff-lcs (1.2.5)
    ffi (1.9.3)
    gherkin (2.12.2)
      multi_json (~> 1.3)
    json (1.8.1)
    listen (2.4.1)
      celluloid (>= 0.15.2)
      rb-fsevent (>= 0.9.3)
      rb-inotify (>= 0.9)
    methadone (1.3.1)
      bundler
    method_source (0.8.2)
    multi_json (1.8.4)
    multi_test (0.0.3)
    pry (0.9.12.6)
      coderay (~> 1.0)
      method_source (~> 0.8)
      slop (~> 3.4)
    rake (0.9.6)
    rb-fsevent (0.9.4)
    rb-inotify (0.9.3)
      ffi (>= 0.5.0)
    rdoc (4.1.1)
      json (~> 1.4)
    rspec-expectations (2.14.5)
      diff-lcs (>= 1.1.3, < 2.0)
    slop (3.4.7)
    timers (1.1.0)

PLATFORMS
  ruby

DEPENDENCIES
  aruba
  bundler (~> 1.3)
  git_ocd!
  pry
  rake (~> 0.9.2)
  rdoc
